PATH
  remote: .
  specs:
    hotdogprincess (1.0.0)

GEM
  remote: https://rubygems.org/
  specs:
    activesupport (4.1.5)
      i18n (~> 0.6, >= 0.6.9)
      json (~> 1.7, >= 1.7.7)
      minitest (~> 5.1)
      thread_safe (~> 0.1)
      tzinfo (~> 1.1)
    addressable (2.3.6)
    builder (3.2.2)
    crack (0.4.2)
      safe_yaml (~> 1.0.0)
    diff-lcs (1.2.5)
    diffy (2.1.4)
    equivalent-xml (0.3.0)
      nokogiri (>= 1.4.3)
    gyoku (1.1.1)
      builder (>= 2.1.2)
    hirb (0.7.2)
    i18n (0.6.11)
    json (1.8.1)
    mini_portile (0.6.0)
    minitest (5.4.0)
    nokogiri (1.6.3.1)
      mini_portile (= 0.6.0)
    rake (10.3.2)
    rspec (3.0.0)
      rspec-core (~> 3.0.0)
      rspec-expectations (~> 3.0.0)
      rspec-mocks (~> 3.0.0)
    rspec-core (3.0.4)
      rspec-support (~> 3.0.0)
    rspec-expectations (3.0.4)
      diff-lcs (>= 1.2.0, < 2.0)
      rspec-support (~> 3.0.0)
    rspec-mocks (3.0.4)
      rspec-support (~> 3.0.0)
    rspec-support (3.0.4)
    safe_yaml (1.0.3)
    thread_safe (0.3.4)
    tzinfo (1.2.2)
      thread_safe (~> 0.1)
    vcr (2.9.2)
    vcr-xml (0.0.3)
      activesupport (>= 3.2.0)
      diffy (~> 2.1.4)
      equivalent-xml (~> 0.3.0)
      hirb (~> 0.5)
      i18n (>= 0.5.0)
      nokogiri (~> 1.5)
      vcr (~> 2.3)
    webmock (1.18.0)
      addressable (>= 2.3.6)
      crack (>= 0.3.2)

PLATFORMS
  ruby

DEPENDENCIES
  bundler (~> 1.0)
  gyoku (~> 1.0)
  hotdogprincess!
  rake
  rspec (~> 3.0.0)
  vcr (~> 2.9.2)
  vcr-xml
  webmock (>= 1.9)
